PATH
  remote: .
  specs:
    province-th-ruby (0.1.1)

GEM
  remote: https://rubygems.org/
  specs:
    minitest (5.11.3)
    rake (10.5.0)

PLATFORMS
  ruby

DEPENDENCIES
  bundler (~> 1.16)
  minitest (~> 5.0)
  province-th-ruby!
  rake (~> 10.0)

BUNDLED WITH
   1.16.6
